PATH
  remote: .
  specs:
    baml (0.52.1)

GEM
  remote: https://rubygems.org/
  specs:
    ansi (1.5.0)
    async (2.12.0)
      console (~> 1.25, >= 1.25.2)
      fiber-annotation
      io-event (~> 1.6)
    builder (3.2.4)
    console (1.25.2)
      fiber-annotation
      fiber-local (~> 1.1)
      json
    fiber-annotation (0.2.0)
    fiber-local (1.1.0)
      fiber-storage
    fiber-storage (0.1.1)
    io-event (1.6.0)
    json (2.7.2)
    minitest (5.22.3)
    minitest-reporters (1.6.1)
      ansi
      builder
      minitest (>= 5.0)
      ruby-progressbar
    polyfill (1.9.0)
    rake (13.1.0)
    rake-compiler (1.2.7)
      rake
    rb_sys (0.9.98)
    ruby-progressbar (1.13.0)
    safe_type (1.1.1)
    sorbet-coerce (0.7.0)
      polyfill (~> 1.8)
      safe_type (~> 1.1, >= 1.1.1)
      sorbet-runtime (>= 0.4.4704)
    sorbet-runtime (0.5.11361)
    sorbet-struct-comparable (1.3.0)
      sorbet-runtime (>= 0.5)

PLATFORMS
  ruby
  x86_64-linux

DEPENDENCIES
  async
  baml!
  minitest-reporters
  rake (~> 13.0)
  rake-compiler (~> 1.2)
  rb_sys (= 0.9.98)
  sorbet-coerce
  sorbet-runtime
  sorbet-struct-comparable

BUNDLED WITH
   2.4.4
