PATH
  remote: .
  specs:
    baml (0.52.1)

GEM
  remote: https://rubygems.org/
  specs:
    ansi (1.5.0)
    async (2.14.2)
      console (~> 1.25, >= 1.25.2)
      fiber-annotation
      io-event (~> 1.6, >= 1.6.5)
    builder (3.3.0)
    console (1.27.0)
      fiber-annotation
      fiber-local (~> 1.1)
      json
    fiber-annotation (0.2.0)
    fiber-local (1.1.0)
      fiber-storage
    fiber-storage (0.1.2)
    io-event (1.6.5)
    json (2.7.2)
    minitest (5.24.1)
    minitest-reporters (1.7.1)
      ansi
      builder
      minitest (>= 5.0)
      ruby-progressbar
    polyfill (1.9.0)
    rake (13.2.1)
    rake-compiler (1.2.7)
      rake
    rb_sys (0.9.98)
    ruby-progressbar (1.13.0)
    safe_type (1.1.1)
    sorbet-coerce (0.7.0)
      polyfill (~> 1.8)
      safe_type (~> 1.1, >= 1.1.1)
      sorbet-runtime (>= 0.4.4704)
    sorbet-runtime (0.5.11500)
    sorbet-struct-comparable (1.3.0)
      sorbet-runtime (>= 0.5)

PLATFORMS
  arm64-darwin-23
  ruby

DEPENDENCIES
  async
  baml!
  minitest-reporters
  rake (~> 13.0)
  rake-compiler (~> 1.2)
  rb_sys (= 0.9.98)
  sorbet-coerce
  sorbet-runtime
  sorbet-struct-comparable

BUNDLED WITH
   2.5.11
