GEM
  remote: https://rubygems.org/
  specs:
    ansi (1.5.0)
    builder (3.2.4)
    minitest (5.23.1)
    minitest-reporters (1.6.1)
      ansi
      builder
      minitest (>= 5.0)
      ruby-progressbar
    rake (13.2.1)
    ruby-progressbar (1.13.0)
    sorbet-runtime (0.5.11409)
    sorbet-struct-comparable (1.3.0)
      sorbet-runtime (>= 0.5)

PLATFORMS
  arm64-darwin-23
  ruby

DEPENDENCIES
  minitest-reporters
  rake (~> 13.0)
  sorbet-runtime
  sorbet-struct-comparable

BUNDLED WITH
   2.5.11
